PATH
  remote: .
  specs:
    omni_exchange (1.2.0)
      faraday (= 0.17.4)
      money (~> 6.13.1)

GEM
  remote: https://rubygems.org/
  specs:
    ast (2.4.2)
    coderay (1.1.3)
    concurrent-ruby (1.1.10)
    diff-lcs (1.5.0)
    dotenv (2.7.6)
    faraday (0.17.4)
      multipart-post (>= 1.2, < 3)
    i18n (1.10.0)
      concurrent-ruby (~> 1.0)
    method_source (1.0.0)
    money (6.13.8)
      i18n (>= 0.6.4, <= 2)
    multipart-post (2.2.3)
    parallel (1.22.1)
    parser (3.1.2.0)
      ast (~> 2.4.1)
    pry (0.14.1)
      coderay (~> 1.1)
      method_source (~> 1.0)
    rainbow (3.1.1)
    rake (10.5.0)
    regexp_parser (2.5.0)
    rexml (3.2.5)
    rspec (3.11.0)
      rspec-core (~> 3.11.0)
      rspec-expectations (~> 3.11.0)
      rspec-mocks (~> 3.11.0)
    rspec-core (3.11.0)
      rspec-support (~> 3.11.0)
    rspec-expectations (3.11.0)
      diff-lcs (>= 1.2.0, < 2.0)
      rspec-support (~> 3.11.0)
    rspec-mocks (3.11.1)
      diff-lcs (>= 1.2.0, < 2.0)
      rspec-support (~> 3.11.0)
    rspec-support (3.11.0)
    rubocop (0.93.1)
      parallel (~> 1.10)
      parser (>= 2.7.1.5)
      rainbow (>= 2.2.2, < 4.0)
      regexp_parser (>= 1.8)
      rexml
      rubocop-ast (>= 0.6.0)
      ruby-progressbar (~> 1.7)
      unicode-display_width (>= 1.4.0, < 2.0)
    rubocop-ast (1.18.0)
      parser (>= 3.1.1.0)
    ruby-progressbar (1.11.0)
    unicode-display_width (1.8.0)
    vcr (6.1.0)

PLATFORMS
  ruby

DEPENDENCIES
  dotenv
  omni_exchange!
  pry
  rake (~> 10.0)
  rspec (~> 3.0)
  rubocop (~> 0.80)
  vcr

BUNDLED WITH
   2.3.9
